GEM
  remote: https://rubygems.org/
  specs:
    daemons (1.1.9)
    faraday (0.8.6)
      multipart-post (~> 1.1)
    json (1.8.0)
    multipart-post (1.2.0)
    rack (1.5.2)
    rack-protection (1.5.0)
      rack
    sinatra (1.4.3)
      rack (~> 1.4)
      rack-protection (~> 1.4)
      tilt (~> 1.3, >= 1.3.4)
    tilt (1.4.1)
    wiringpi (1.1.0)

PLATFORMS
  ruby

DEPENDENCIES
  daemons
  faraday
  json
  sinatra
  wiringpi
