GEM
  remote: https://rubygems.org/
  specs:
    faraday (0.8.6)
      multipart-post (~> 1.1)
    multipart-post (1.2.0)
    wiringpi (1.1.0)

PLATFORMS
  ruby

DEPENDENCIES
  faraday
  wiringpi
